GEM
  remote: https://rubygems.org/
  specs:
    csv (3.1.2)

PLATFORMS
  ruby

DEPENDENCIES
  csv

BUNDLED WITH
   2.1.4
